GIT
  remote: git://github.com/mongoid/mongoid.git
  revision: a65bd5f9cd6c46e25e99cfe5f0db7d9ecc179eba
  specs:
    mongoid (4.0.0.alpha2)
      activemodel (>= 4.0.0)
      moped (~> 2.0.beta5)
      origin (~> 2.1)
      tzinfo (>= 0.3.37)

PATH
  remote: .
  specs:
    activr (0.0.16)
      activemodel
      activesupport
      fwissr
      mustache

GEM
  remote: http://www.rubygems.org/
  specs:
    activemodel (4.0.2)
      activesupport (= 4.0.2)
      builder (~> 3.1.0)
    activesupport (4.0.2)
      i18n (~> 0.6, >= 0.6.4)
      minitest (~> 4.2)
      multi_json (~> 1.3)
      thread_safe (~> 0.1)
      tzinfo (~> 0.3.37)
    atomic (1.1.14)
    bson (2.1.2)
    builder (3.1.4)
    chronic (0.10.2)
    connection_pool (1.2.0)
    database_cleaner (1.2.0)
    delorean (2.1.0)
      chronic
    diff-lcs (1.2.5)
    fwissr (1.0.2)
      yajl-ruby
    i18n (0.6.9)
    minitest (4.7.5)
    moped (2.0.0.beta5)
      bson (~> 2.1)
      connection_pool (~> 1.2)
      optionable (~> 0.2.0)
    multi_json (1.8.2)
    mustache (0.99.5)
    optionable (0.2.0)
    origin (2.1.0)
    rspec (2.14.1)
      rspec-core (~> 2.14.0)
      rspec-expectations (~> 2.14.0)
      rspec-mocks (~> 2.14.0)
    rspec-core (2.14.7)
    rspec-expectations (2.14.4)
      diff-lcs (>= 1.1.3, < 2.0)
    rspec-mocks (2.14.4)
    thread_safe (0.1.3)
      atomic
    tzinfo (0.3.38)
    yajl-ruby (1.2.0)

PLATFORMS
  ruby

DEPENDENCIES
  activr!
  database_cleaner
  delorean
  mongoid (~> 4.0.0.alpha2)!
  rspec
