GIT
  remote: git://github.com/mongoid/mongoid.git
  revision: ec65b665430a13eab135fcd22b3b766bb8e8c8ea
  specs:
    mongoid (4.0.0)
      activemodel (~> 4.0.0)
      moped (~> 2.0.beta3)
      origin (~> 1.0)
      tzinfo (~> 0.3.37)

PATH
  remote: .
  specs:
    activr (0.0.1)
      activemodel
      activesupport
      fwissr
      mustache

GEM
  remote: http://www.rubygems.org/
  specs:
    activemodel (4.0.1)
      activesupport (= 4.0.1)
      builder (~> 3.1.0)
    activesupport (4.0.1)
      i18n (~> 0.6, >= 0.6.4)
      minitest (~> 4.2)
      multi_json (~> 1.3)
      thread_safe (~> 0.1)
      tzinfo (~> 0.3.37)
    atomic (1.1.14)
    bson (2.0.0)
    builder (3.1.4)
    database_cleaner (1.2.0)
    diff-lcs (1.2.5)
    fwissr (1.0.2)
      yajl-ruby
    i18n (0.6.5)
    minitest (4.7.5)
    moped (2.0.0.beta3)
      bson (~> 2.0.0.rc3)
      optionable (~> 0.1.1)
    multi_json (1.8.2)
    mustache (0.99.5)
    optionable (0.1.1)
    origin (1.1.0)
    rspec (2.14.1)
      rspec-core (~> 2.14.0)
      rspec-expectations (~> 2.14.0)
      rspec-mocks (~> 2.14.0)
    rspec-core (2.14.7)
    rspec-expectations (2.14.4)
      diff-lcs (>= 1.1.3, < 2.0)
    rspec-mocks (2.14.4)
    thread_safe (0.1.3)
      atomic
    tzinfo (0.3.38)
    yajl-ruby (1.1.0)

PLATFORMS
  ruby

DEPENDENCIES
  activr!
  database_cleaner
  mongoid (~> 4)!
  rspec
